PATH
  remote: .
  specs:
    ackr (0.2.4)
      rainbow (= 1.99.2)

GEM
  remote: https://rubygems.org/
  specs:
    diff-lcs (1.2.5)
    rainbow (1.99.2)
    rake (12.0.0)
    rspec (2.14.1)
      rspec-core (~> 2.14.0)
      rspec-expectations (~> 2.14.0)
      rspec-mocks (~> 2.14.0)
    rspec-core (2.14.8)
    rspec-expectations (2.14.5)
      diff-lcs (>= 1.1.3, < 2.0)
    rspec-mocks (2.14.6)

PLATFORMS
  ruby

DEPENDENCIES
  ackr!
  rake (>= 12.0.0)
  rspec

BUNDLED WITH
   1.14.6
