PATH
  remote: .
  specs:
    ackr (0.1.1)
      rainbow (>= 1.1.4)

GEM
  remote: https://rubygems.org/
  specs:
    diff-lcs (1.2.4)
    rainbow (1.1.4)
    rake (10.0.4)
    rspec (2.13.0)
      rspec-core (~> 2.13.0)
      rspec-expectations (~> 2.13.0)
      rspec-mocks (~> 2.13.0)
    rspec-core (2.13.1)
    rspec-expectations (2.13.0)
      diff-lcs (>= 1.1.3, < 2.0)
    rspec-mocks (2.13.1)

PLATFORMS
  ruby

DEPENDENCIES
  ackr!
  rake
  rspec
