PATH
  remote: .
  specs:
    ackr (0.3)
      rainbow (= 1.99.2)

GEM
  remote: https://rubygems.org/
  specs:
    diff-lcs (1.3)
    rainbow (1.99.2)
    rake (12.0.0)
    rspec (3.6.0)
      rspec-core (~> 3.6.0)
      rspec-expectations (~> 3.6.0)
      rspec-mocks (~> 3.6.0)
    rspec-core (3.6.0)
      rspec-support (~> 3.6.0)
    rspec-expectations (3.6.0)
      diff-lcs (>= 1.2.0, < 2.0)
      rspec-support (~> 3.6.0)
    rspec-mocks (3.6.0)
      diff-lcs (>= 1.2.0, < 2.0)
      rspec-support (~> 3.6.0)
    rspec-support (3.6.0)

PLATFORMS
  ruby

DEPENDENCIES
  ackr!
  rake (>= 12.0.0)
  rspec (>= 3.6.0)

BUNDLED WITH
   1.14.6
